GEM
  remote: https://rubygems.org/
  specs:
    actionview (4.1.15)
      activesupport (= 4.1.15)
      builder (~> 3.1)
      erubis (~> 2.7.0)
    activesupport (4.1.15)
      i18n (~> 0.6, >= 0.6.9)
      json (~> 1.7, >= 1.7.7)
      minitest (~> 5.1)
      thread_safe (~> 0.1)
      tzinfo (~> 1.1)
    addressable (2.4.0)
    builder (3.2.2)
    erubis (2.7.0)
    i18n (0.7.0)
    json (1.8.3)
    launchy (2.4.3)
      addressable (~> 2.3)
    mini_magick (4.0.4)
    minitest (5.9.0)
    parallel (1.3.4)
    rmagick (2.13.4)
    ruby-progressbar (1.7.5)
    terminal-table (1.4.5)
    thread_safe (0.3.5)
    tzinfo (1.2.2)
      thread_safe (~> 0.1)

PLATFORMS
  ruby

DEPENDENCIES
  actionview (~> 4.1.9)
  launchy (~> 2.4.3)
  mini_magick (~> 4.0.2)
  parallel (~> 1.3.3)
  rmagick (~> 2.13.4)
  ruby-progressbar (~> 1.7.5)
  terminal-table (~> 1.4.5)

BUNDLED WITH
   1.12.3
