GEM
  remote: https://rubygems.org/
  specs:
    activesupport (5.0.7.1)
      concurrent-ruby (~> 1.0, >= 1.0.2)
      i18n (>= 0.7, < 2)
      minitest (~> 5.1)
      tzinfo (~> 1.1)
    concurrent-ruby (1.1.4)
    i18n (1.2.0)
      concurrent-ruby (~> 1.0)
    mini_magick (4.9.4)
    minitest (5.11.3)
    parallel (1.9.0)
    ruby-progressbar (1.8.1)
    terminal-table (1.7.3)
      unicode-display_width (~> 1.1.1)
    thread_safe (0.3.6)
    tzinfo (1.2.5)
      thread_safe (~> 0.1)
    unicode-display_width (1.1.3)

PLATFORMS
  ruby

DEPENDENCIES
  activesupport (~> 5.0.1)
  mini_magick (~> 4.9.4)
  parallel (~> 1.9.0)
  ruby-progressbar (~> 1.8.1)
  terminal-table (~> 1.7.0)

BUNDLED WITH
   1.17.3
