GEM
  remote: https://rubygems.org/
  specs:
    activesupport (5.0.1)
      concurrent-ruby (~> 1.0, >= 1.0.2)
      i18n (~> 0.7)
      minitest (~> 5.1)
      tzinfo (~> 1.1)
    concurrent-ruby (1.0.4)
    i18n (0.7.0)
    mini_magick (4.5.1)
    minitest (5.10.1)
    parallel (1.9.0)
    ruby-progressbar (1.8.1)
    terminal-table (1.7.3)
      unicode-display_width (~> 1.1.1)
    thread_safe (0.3.5)
    tzinfo (1.2.2)
      thread_safe (~> 0.1)
    unicode-display_width (1.1.3)

PLATFORMS
  ruby

DEPENDENCIES
  activesupport (~> 5.0.0)
  mini_magick (~> 4.5.1)
  parallel (~> 1.9.0)
  ruby-progressbar (~> 1.8.1)
  terminal-table (~> 1.7.0)

BUNDLED WITH
   1.14.3
